PATH
  remote: .
  specs:
    acts-as-approvable (0.6.7)

GEM
  remote: http://rubygems.org/
  specs:
    activerecord (2.3.14)
      activesupport (= 2.3.14)
    activesupport (2.3.14)
    appraisal (0.4.1)
      bundler
      rake
    binding_of_caller (0.6.7)
    builder (3.0.0)
    coderay (1.0.5)
    coolline (0.1.0)
    cucumber (1.1.0)
      builder (>= 2.1.2)
      diff-lcs (>= 1.1.2)
      gherkin (~> 2.5.0)
      json (>= 1.4.6)
      term-ansicolor (>= 1.0.6)
    diff-lcs (1.1.3)
    gherkin (2.5.1)
      json (>= 1.4.6)
    io-console (0.3)
    json (1.6.5)
    method_source (0.7.1)
    multi_json (1.1.0)
    plymouth (0.3.2)
      pry-exception_explorer (>= 0.1.7)
    pry (0.9.8.4)
      coderay (~> 1.0.5)
      method_source (~> 0.7.1)
      slop (>= 2.4.4, < 3)
    pry-coolline (0.1.1)
      coolline (~> 0.1.0)
      io-console (~> 0.3.0)
    pry-exception_explorer (0.1.9)
      pry-stack_explorer (>= 0.3.9)
    pry-nav (0.1.0)
      pry (~> 0.9.8.1)
    pry-stack_explorer (0.4.1)
      binding_of_caller (~> 0.6.2)
      pry (~> 0.9.8.2)
    pry-syntax-hacks (0.0.6)
      pry (>= 0.9.8)
    rake (0.9.2.2)
    redcarpet (2.1.0)
    rspec (2.8.0)
      rspec-core (~> 2.8.0)
      rspec-expectations (~> 2.8.0)
      rspec-mocks (~> 2.8.0)
    rspec-core (2.8.0)
    rspec-expectations (2.8.0)
      diff-lcs (~> 1.1.2)
    rspec-mocks (2.8.0)
    shoulda (2.11.3)
    simplecov (0.6.1)
      multi_json (~> 1.0)
      simplecov-html (~> 0.5.3)
    simplecov-html (0.5.3)
    slop (2.4.4)
    term-ansicolor (1.0.6)
    timecop (0.3.5)
    yard (0.7.5)

PLATFORMS
  ruby

DEPENDENCIES
  activerecord (~> 2.3.14)
  acts-as-approvable!
  appraisal (~> 0.4.1)
  cucumber (~> 1.1.0)
  plymouth
  pry (~> 0.9.8.1)
  pry-coolline
  pry-nav (~> 0.1.0)
  pry-stack_explorer
  pry-syntax-hacks
  rake (~> 0.9.2)
  redcarpet (~> 2.1.0)
  rspec (~> 2.8.0)
  shoulda (~> 2.0)
  simplecov
  timecop (~> 0.3.5)
  yard
