PATH
  remote: .
  specs:
    acts_as_approvable (0.5.0)

GEM
  remote: http://rubygems.org/
  specs:
    activerecord (2.3.14)
      activesupport (= 2.3.14)
    activesupport (2.3.14)
    appraisal (0.4.1)
      bundler
      rake
    metaclass (0.0.1)
    mocha (0.10.4)
      metaclass (~> 0.0.1)
    multi_json (1.0.4)
    rake (0.9.2.2)
    redcarpet (2.1.0)
    shoulda (2.11.3)
    simplecov (0.5.4)
      multi_json (~> 1.0.3)
      simplecov-html (~> 0.5.3)
    simplecov-html (0.5.3)
    sqlite3 (1.3.5)
    yard (0.7.5)

PLATFORMS
  ruby

DEPENDENCIES
  activerecord (~> 2.3)
  acts_as_approvable!
  appraisal
  mocha
  rake
  redcarpet
  shoulda
  simplecov
  sqlite3
  yard
