PATH
  remote: .
  specs:
    acts-as-approvable (0.6.7)

GEM
  remote: http://rubygems.org/
  specs:
    activerecord (2.3.14)
      activesupport (= 2.3.14)
    activesupport (2.3.14)
    appraisal (0.4.1)
      bundler
      rake
    coderay (1.0.5)
    database_cleaner (0.7.1)
    diff-lcs (1.1.3)
    method_source (0.7.0)
    multi_json (1.0.4)
    pry (0.9.8)
      coderay (~> 1.0.5)
      method_source (~> 0.7)
      slop (>= 2.4.3, < 3)
    rake (0.9.2.2)
    redcarpet (2.1.0)
    rspec (2.8.0)
      rspec-core (~> 2.8.0)
      rspec-expectations (~> 2.8.0)
      rspec-mocks (~> 2.8.0)
    rspec-core (2.8.0)
    rspec-expectations (2.8.0)
      diff-lcs (~> 1.1.2)
    rspec-mocks (2.8.0)
    shoulda (2.11.3)
    simplecov (0.5.4)
      multi_json (~> 1.0.3)
      simplecov-html (~> 0.5.3)
    simplecov-html (0.5.3)
    slop (2.4.3)
    yard (0.7.5)

PLATFORMS
  ruby

DEPENDENCIES
  activerecord (~> 2.3)
  acts-as-approvable!
  appraisal
  database_cleaner
  pry
  rake
  redcarpet
  rspec
  shoulda
  simplecov
  yard
