PATH
  remote: .
  specs:
    acts_as_approvable (0.7.0)

GEM
  remote: http://rubygems.org/
  specs:
    activemodel (3.2.22.5)
      activesupport (= 3.2.22.5)
      builder (~> 3.0.0)
    activerecord (3.2.22.5)
      activemodel (= 3.2.22.5)
      activesupport (= 3.2.22.5)
      arel (~> 3.0.2)
      tzinfo (~> 0.3.29)
    activesupport (3.2.22.5)
      i18n (~> 0.6, >= 0.6.4)
      multi_json (~> 1.0)
    arel (3.0.3)
    builder (3.0.4)
    cucumber (2.4.0)
      builder (>= 2.1.2)
      cucumber-core (~> 1.5.0)
      cucumber-wire (~> 0.0.1)
      diff-lcs (>= 1.1.3)
      gherkin (~> 4.0)
      multi_json (>= 1.7.5, < 2.0)
      multi_test (>= 0.1.2)
    cucumber-core (1.5.0)
      gherkin (~> 4.0)
    cucumber-wire (0.0.1)
    diff-lcs (1.3)
    gherkin (4.1.1)
    i18n (0.8.1)
    minitest (5.10.1)
    multi_json (1.12.1)
    multi_test (0.1.2)
    power_assert (1.0.1)
    rake (0.9.6)
    rspec (3.5.0)
      rspec-core (~> 3.5.0)
      rspec-expectations (~> 3.5.0)
      rspec-mocks (~> 3.5.0)
    rspec-core (3.5.4)
      rspec-support (~> 3.5.0)
    rspec-expectations (3.5.0)
      diff-lcs (>= 1.2.0, < 2.0)
      rspec-support (~> 3.5.0)
    rspec-mocks (3.5.0)
      diff-lcs (>= 1.2.0, < 2.0)
      rspec-support (~> 3.5.0)
    rspec-support (3.5.0)
    shoulda-matchers (2.8.0)
      activesupport (>= 3.0.0)
    sqlite3 (1.3.13)
    test-unit (3.2.3)
      power_assert
    timecop (0.3.5)
    tzinfo (0.3.53)

PLATFORMS
  ruby

DEPENDENCIES
  activerecord (>= 2.3, < 4.0)
  acts_as_approvable!
  cucumber (~> 2.0)
  minitest
  rake (~> 0.9.2)
  rspec (~> 3.0)
  shoulda-matchers (~> 2.8)
  sqlite3
  test-unit (~> 3.0)
  timecop (~> 0.3.5)

BUNDLED WITH
   1.14.4
